GEM
  remote: https://rubygems.org/
  specs:
    diff-lcs (1.2.5)
    ethon (0.9.0)
      ffi (>= 1.3.0)
    ffi (1.9.14)
    rake (11.2.2)
    rspec (3.5.0)
      rspec-core (~> 3.5.0)
      rspec-expectations (~> 3.5.0)
      rspec-mocks (~> 3.5.0)
    rspec-core (3.5.3)
      rspec-support (~> 3.5.0)
    rspec-expectations (3.5.0)
      diff-lcs (>= 1.2.0, < 2.0)
      rspec-support (~> 3.5.0)
    rspec-mocks (3.5.0)
      diff-lcs (>= 1.2.0, < 2.0)
      rspec-support (~> 3.5.0)
    rspec-support (3.5.0)
    typhoeus (1.1.0)
      ethon (>= 0.9.0)

PLATFORMS
  ruby

DEPENDENCIES
  rake
  rspec
  typhoeus

BUNDLED WITH
   1.13.1
